PATH
  remote: .
  specs:
    esignlive (0.1.3)
      httparty (~> 0.13)

GEM
  remote: https://rubygems.org/
  specs:
    byebug (9.0.5)
    diff-lcs (1.2.5)
    httparty (0.14.0)
      multi_xml (>= 0.5.2)
    multi_xml (0.5.5)
    rspec (3.5.0)
      rspec-core (~> 3.5.0)
      rspec-expectations (~> 3.5.0)
      rspec-mocks (~> 3.5.0)
    rspec-core (3.5.3)
      rspec-support (~> 3.5.0)
    rspec-expectations (3.5.0)
      diff-lcs (>= 1.2.0, < 2.0)
      rspec-support (~> 3.5.0)
    rspec-mocks (3.5.0)
      diff-lcs (>= 1.2.0, < 2.0)
      rspec-support (~> 3.5.0)
    rspec-support (3.5.0)

PLATFORMS
  ruby

DEPENDENCIES
  byebug
  esignlive!
  rspec (~> 3.5)

BUNDLED WITH
   1.12.5
